GEM
  remote: http://rubygems.org/
  specs:
    ansi (1.4.2)
    celluloid (0.10.0)
    ffi (1.0.11-java)
    guard (1.0.1)
      ffi (>= 0.5.0)
      thor (~> 0.14.6)
    guard-minitest (0.5.0)
      guard (>= 0.4)
    minitest (2.12.1)
    minitest-reporters (0.6.0)
      ansi
      minitest (~> 2.0)
      ruby-progressbar
    ruby-progressbar (0.0.10)
    thor (0.14.6)

PLATFORMS
  java

DEPENDENCIES
  celluloid
  guard-minitest
  minitest
  minitest-reporters
