GEM
  remote: http://rubygems.org/
  specs:
    celluloid (0.10.0)

PLATFORMS
  java

DEPENDENCIES
  celluloid
