GEM
  remote: http://rubygems.org/
  specs:
    ansi (1.4.2)
    celluloid (0.10.0)
    coderay (1.0.6)
    ffi (1.0.11-java)
    guard (1.0.1)
      ffi (>= 0.5.0)
      thor (~> 0.14.6)
    guard-minitest (0.5.0)
      guard (>= 0.4)
    metaclass (0.0.1)
    method_source (0.7.1)
    minitest (2.12.1)
    minitest-reporters (0.6.0)
      ansi
      minitest (~> 2.0)
      ruby-progressbar
    mocha (0.11.1)
      metaclass (~> 0.0.1)
    pry (0.9.9.3-java)
      coderay (~> 1.0.5)
      method_source (~> 0.7.1)
      slop (>= 2.4.4, < 3)
      spoon (~> 0.0)
    rake (0.8.7)
    redcarpet (2.0.1)
    ruby-progressbar (0.0.10)
    slop (2.4.4)
    spoon (0.0.1)
    thor (0.14.6)
    yard (0.7.5)

PLATFORMS
  java

DEPENDENCIES
  celluloid
  guard-minitest
  minitest
  minitest-reporters
  mocha
  pry
  rake
  redcarpet
  yard
